GIT
  remote: git://github.com/kainosnoema/rack-lineprof.git
  revision: 33be9c3e597bd6e4c664486e272483baf60af720
  specs:
    rack-lineprof (0.0.3)
      rack (~> 1.5)
      rblineprof (~> 0.3.6)
      term-ansicolor (~> 1.3)

GEM
  remote: https://rubygems.org/
  specs:
    backports (3.6.8)
    better_errors (2.1.1)
      coderay (>= 1.0.0)
      erubis (>= 2.6.6)
      rack (>= 0.9.0)
    binding_of_caller (0.7.2)
      debug_inspector (>= 0.0.1)
    coderay (1.1.1)
    debug_inspector (0.0.2)
    debugger-ruby_core_source (1.3.8)
    erubis (2.7.0)
    foreman (0.82.0)
      thor (~> 0.19.1)
    kgio (2.10.0)
    memcache-client (1.8.5)
    multi_json (1.12.1)
    mysql2 (0.4.4)
    rack (1.6.4)
    rack-flash3 (1.0.5)
      rack
    rack-protection (1.5.3)
      rack
    rack-test (0.6.3)
      rack (>= 1.0)
    raindrops (0.17.0)
    rblineprof (0.3.7)
      debugger-ruby_core_source (~> 1.3)
    redis (3.3.1)
    redis-namespace (1.5.2)
      redis (~> 3.0, >= 3.0.4)
    sinatra (1.4.7)
      rack (~> 1.5)
      rack-protection (~> 1.4)
      tilt (>= 1.3, < 3)
    sinatra-contrib (1.4.7)
      backports (>= 2.0)
      multi_json
      rack-protection
      rack-test
      sinatra (~> 1.4.0)
      tilt (>= 1.3, < 3)
    term-ansicolor (1.3.2)
      tins (~> 1.0)
    thor (0.19.1)
    tilt (2.0.5)
    tins (1.12.0)
    unicorn (5.1.0)
      kgio (~> 2.6)
      raindrops (~> 0.7)

PLATFORMS
  ruby

DEPENDENCIES
  better_errors
  binding_of_caller
  foreman
  memcache-client
  mysql2
  rack-flash3
  rack-lineprof!
  redis
  redis-namespace
  sinatra
  sinatra-contrib
  unicorn

BUNDLED WITH
   1.13.1
